GIT
  remote: git://github.com/gma/nesta.git
  revision: a049ac1a9ac7af4296fccc87bb89b2277bcc96f7
  ref: a049ac1a9a
  specs:
    nesta (0.9.13)
      RedCloth (~> 4.2)
      haml (~> 3.1)
      rack (~> 1.3)
      rdiscount (~> 2.1)
      sass (~> 3.1)
      sinatra (~> 1.4)

GEM
  remote: https://rubygems.org/
  specs:
    RedCloth (4.2.9)
    actionmailer (3.2.22)
      actionpack (= 3.2.22)
      mail (~> 2.5.4)
    actionpack (3.2.22)
      activemodel (= 3.2.22)
      activesupport (= 3.2.22)
      builder (~> 3.0.0)
      erubis (~> 2.7.0)
      journey (~> 1.0.4)
      rack (~> 1.4.5)
      rack-cache (~> 1.2)
      rack-test (~> 0.6.1)
      sprockets (~> 2.2.1)
    activemodel (3.2.22)
      activesupport (= 3.2.22)
      builder (~> 3.0.0)
    activerecord (3.2.22)
      activemodel (= 3.2.22)
      activesupport (= 3.2.22)
      arel (~> 3.0.2)
      tzinfo (~> 0.3.29)
    activeresource (3.2.22)
      activemodel (= 3.2.22)
      activesupport (= 3.2.22)
    activesupport (3.2.22)
      i18n (~> 0.6, >= 0.6.4)
      multi_json (~> 1.0)
    addressable (2.3.5)
    arel (3.0.3)
    awesome_print (1.2.0)
    builder (3.0.4)
    chronic (0.10.2)
    chunky_png (1.2.9)
    coffee-rails (3.2.2)
      coffee-script (>= 2.2.0)
      railties (~> 3.2.0)
    coffee-script (2.2.0)
      coffee-script-source
      execjs
    coffee-script-source (1.7.0)
    compass (0.12.2)
      chunky_png (~> 1.2)
      fssm (>= 0.2.7)
      sass (~> 3.1)
    compass-normalize (1.4.3)
      compass (>= 0.12.0)
    compass-rails (1.0.3)
      compass (>= 0.12.2, < 0.14)
    daemons (1.1.9)
    dotenv (0.9.0)
    erubis (2.7.0)
    eventmachine (1.0.3)
    execjs (2.0.2)
    fast-stemmer (1.0.2)
    foreman (0.63.0)
      dotenv (>= 0.7)
      thor (>= 0.13.6)
    fssm (0.2.10)
    gemoji (1.5.0)
    github-markdown (0.6.4)
    google-code-prettify-rails (1.1.0)
      railties (>= 3.2.0.beta, < 5.0)
      thor (~> 0.14)
    haml (3.1.8)
    heroku_rails_deflate (0.2.1)
      rack (~> 1.4.5)
    hike (1.2.3)
    html-pipeline (1.5.0)
      activesupport (>= 2)
      nokogiri (~> 1.4)
    i18n (0.7.0)
    journey (1.0.4)
    jquery-rails (3.1.0)
      railties (>= 3.0, < 5.0)
      thor (>= 0.14, < 2.0)
    json (1.8.3)
    lograge (0.3.0)
      actionpack (>= 3)
      activesupport (>= 3)
      railties (>= 3)
    mail (2.5.4)
      mime-types (~> 1.16)
      treetop (~> 1.4.8)
    mime-types (1.25.1)
    mini_portile (0.5.2)
    multi_json (1.11.2)
    navigasmic (1.0.3)
      railties (~> 3.2)
    nesta-plugin-linkable (0.0.1)
      nesta (>= 0.9.11)
    nesta-plugin-sluggable (0.0.1)
      nesta (>= 0.9.11)
    nesta-rails (0.0.1)
      nesta (~> 0.9.13)
      rails (~> 3.2.6)
    newrelic_rpm (3.7.3.204)
    nokogiri (1.6.1)
      mini_portile (~> 0.5.0)
    pismo (0.7.4)
      awesome_print
      chronic
      fast-stemmer
      nokogiri
      sanitize
    polyglot (0.3.5)
    rack (1.4.7)
    rack-cache (1.2)
      rack (>= 0.4)
    rack-canonical-host (0.0.8)
      addressable
      rack (~> 1.0)
    rack-protection (1.5.2)
      rack
    rack-rewrite (1.4.01)
    rack-ssl (1.3.4)
      rack
    rack-test (0.6.3)
      rack (>= 1.0)
    rails (3.2.22)
      actionmailer (= 3.2.22)
      actionpack (= 3.2.22)
      activerecord (= 3.2.22)
      activeresource (= 3.2.22)
      activesupport (= 3.2.22)
      bundler (~> 1.0)
      railties (= 3.2.22)
    rails_12factor (0.0.2)
      rails_serve_static_assets
      rails_stdout_logging
    rails_serve_static_assets (0.0.2)
    rails_stdout_logging (0.0.3)
    railties (3.2.22)
      actionpack (= 3.2.22)
      activesupport (= 3.2.22)
      rack-ssl (~> 1.3.2)
      rake (>= 0.8.7)
      rdoc (~> 3.4)
      thor (>= 0.14.6, < 2.0)
    rake (10.4.2)
    rdiscount (2.1.7)
    rdoc (3.12.2)
      json (~> 1.4)
    sanitize (2.1.0)
      nokogiri (>= 1.4.4)
    sass (3.2.14)
    sass-rails (3.2.6)
      railties (~> 3.2.0)
      sass (>= 3.1.10)
      tilt (~> 1.3)
    sinatra (1.4.4)
      rack (~> 1.4)
      rack-protection (~> 1.4)
      tilt (~> 1.3, >= 1.3.4)
    sprockets (2.2.3)
      hike (~> 1.2)
      multi_json (~> 1.0)
      rack (~> 1.0)
      tilt (~> 1.1, != 1.3.0)
    susy (1.0.9)
      compass (>= 0.12.2)
      sass (>= 3.2.0)
    thin (1.6.1)
      daemons (>= 1.0.9)
      eventmachine (>= 1.0.0)
      rack (>= 1.0.0)
    thor (0.19.1)
    tilt (1.4.1)
    treetop (1.4.15)
      polyglot
      polyglot (>= 0.3.1)
    tzinfo (0.3.44)
    uglifier (2.4.0)
      execjs (>= 0.3.0)
      json (>= 1.8.0)

PLATFORMS
  ruby

DEPENDENCIES
  coffee-rails (~> 3.2.1)
  compass-normalize
  compass-rails
  foreman
  gemoji
  github-markdown
  google-code-prettify-rails
  heroku_rails_deflate
  html-pipeline
  jquery-rails
  lograge
  navigasmic
  nesta!
  nesta-plugin-linkable
  nesta-plugin-sluggable
  nesta-rails
  newrelic_rpm
  pismo
  rack-canonical-host
  rack-rewrite
  rails (~> 3.2.17)
  rails_12factor
  sass-rails (~> 3.2.3)
  susy (~> 1.0.9)
  thin
  uglifier (>= 1.0.3)

BUNDLED WITH
   1.10.6
